PATH
  remote: .
  specs:
    devu (0.1.0)
      thor
      zeitwerk

GEM
  remote: https://rubygems.org/
  specs:
    minitest (5.22.3)
    rake (13.2.1)
    thor (1.3.1)
    zeitwerk (2.6.13)

PLATFORMS
  arm64-darwin-21

DEPENDENCIES
  devu!
  minitest (~> 5.0)
  rake (~> 13.0)

BUNDLED WITH
   2.4.10
